GEM
  remote: https://rubygems.org/
  specs:
    text_chart (1.0.0)

PLATFORMS
  x86_64-linux

DEPENDENCIES
  text_chart

BUNDLED WITH
   2.5.5
